GEM
  remote: https://rubygems.org/
  specs:
    certified (1.0.0)
    concurrent-ruby (1.0.5)
    httparty (0.21.0)
      mini_mime (>= 1.0.0)
      multi_xml (>= 0.5.2)
    i18n (1.0.0)
      concurrent-ruby (~> 1.0)
    mini_mime (1.1.2)
    multi_xml (0.6.0)
    thread_safe (0.3.6)
    tzinfo (1.2.5)
      thread_safe (~> 0.1)

PLATFORMS
  ruby

DEPENDENCIES
  certified
  httparty
  i18n
  tzinfo

BUNDLED WITH
   1.16.1
